GEM
  remote: https://rubygems.org/
  specs:
    minitest (5.10.1)

PLATFORMS
  ruby

DEPENDENCIES
  minitest (= 5.10.1)

BUNDLED WITH
   1.16.1
